GEM
  remote: https://rubygems.org/
  specs:
    yard (0.8.7.4)

PLATFORMS
  x86-mingw32

DEPENDENCIES
  yard
