GEM
  remote: https://rubygems.org/
  specs:
    yard (0.9.20)

PLATFORMS
  ruby
  x86-mingw32

DEPENDENCIES
  yard
